GEM
  remote: http://rubygems.org/
  specs:
    diff-lcs (1.1.3)
    domain_name (0.5.20190701)
      unf (>= 0.0.5, < 1.0.0)
    git (1.2.5)
    gli (2.10.0)
    http-accept (1.7.0)
    http-cookie (1.0.5)
      domain_name (~> 0.5)
    i18n (0.6.9)
    i18n-spec (0.1.2)
    jeweler (1.8.3)
      bundler (~> 1.0)
      git (>= 1.2.5)
      rake
      rdoc
    json (1.8.1)
    localeapp (0.8.0)
      gli
      i18n
      json
      rack
      rest-client
      ya2yaml
    mime-types (3.4.1)
      mime-types-data (~> 3.2015)
    mime-types-data (3.2022.0105)
    netrc (0.11.0)
    rack (1.5.2)
    rake (0.9.2.2)
    rdoc (3.12)
      json (~> 1.4)
    rest-client (2.1.0)
      http-accept (>= 1.7.0, < 2.0)
      http-cookie (>= 1.0.2, < 2.0)
      mime-types (>= 1.16, < 4.0)
      netrc (~> 0.8)
    rspec (2.8.0)
      rspec-core (~> 2.8.0)
      rspec-expectations (~> 2.8.0)
      rspec-mocks (~> 2.8.0)
    rspec-core (2.8.0)
    rspec-expectations (2.8.0)
      diff-lcs (~> 1.1.2)
    rspec-mocks (2.8.0)
    unf (0.1.4)
      unf_ext
    unf_ext (0.0.8.2)
    ya2yaml (0.31)

PLATFORMS
  ruby

DEPENDENCIES
  bundler
  i18n-spec
  jeweler (~> 1.8.3)
  localeapp
  rspec (~> 2.8.0)
